GEM
  remote: http://rubygems.org/
  specs:
    backports (3.3.4)
    coveralls (0.7.0)
      multi_json (~> 1.3)
      rest-client
      simplecov (>= 0.7)
      term-ansicolor
      thor
    kgio (2.8.0)
    metaclass (0.0.1)
    mime-types (1.25)
    mocha (0.14.0)
      metaclass (~> 0.0.1)
    multi_json (1.8.0)
    rack (1.5.2)
    rack-protection (1.5.0)
      rack
    rack-test (0.6.2)
      rack (>= 1.0)
    raindrops (0.11.0)
    rake (10.1.0)
    rest-client (1.6.7)
      mime-types (>= 1.16)
    simplecov (0.7.1)
      multi_json (~> 1.0)
      simplecov-html (~> 0.7.1)
    simplecov-html (0.7.1)
    sinatra (1.4.3)
      rack (~> 1.4)
      rack-protection (~> 1.4)
      tilt (~> 1.3, >= 1.3.4)
    sinatra-contrib (1.4.1)
      backports (>= 2.0)
      multi_json
      rack-protection
      rack-test
      sinatra (~> 1.4.0)
      tilt (~> 1.3)
    term-ansicolor (1.2.2)
      tins (~> 0.8)
    thor (0.18.1)
    tilt (1.4.1)
    tins (0.11.0)
    unicorn (4.6.3)
      kgio (~> 2.6)
      rack
      raindrops (~> 0.7)

PLATFORMS
  ruby

DEPENDENCIES
  coveralls
  mocha (~> 0.14.0)
  multi_json
  rack
  rack-test (~> 0.6.1)
  rake
  simplecov
  sinatra
  sinatra-contrib
  unicorn
