GEM
  remote: http://rubygems.org/
  specs:
    ansi (1.4.3)
    backports (3.3.4)
    builder (3.2.2)
    capybara (1.1.4)
      mime-types (>= 1.16)
      nokogiri (>= 1.3.3)
      rack (>= 1.0.0)
      rack-test (>= 0.5.4)
      selenium-webdriver (~> 2.0)
      xpath (~> 0.1.4)
    capybara_minitest_spec (0.2.2)
      capybara
      minitest (>= 2.0)
    childprocess (0.3.9)
      ffi (~> 1.0, >= 1.0.11)
    ffi (1.9.0)
    hashie (2.0.5)
    kgio (2.8.0)
    metaclass (0.0.1)
    mime-types (1.25)
    mini_portile (0.5.1)
    minitest (4.7.5)
    minitest-reporters (0.14.23)
      ansi
      builder
      minitest (>= 2.12, < 5.0)
      powerbar
    mocha (0.14.0)
      metaclass (~> 0.0.1)
    multi_json (1.8.0)
    nokogiri (1.6.0)
      mini_portile (~> 0.5.0)
    powerbar (1.0.11)
      ansi (~> 1.4.0)
      hashie (>= 1.1.0)
    rack (1.5.2)
    rack-protection (1.5.0)
      rack
    rack-test (0.6.2)
      rack (>= 1.0)
    raindrops (0.11.0)
    rake (10.1.0)
    rubyzip (0.9.9)
    selenium-webdriver (2.35.1)
      childprocess (>= 0.2.5)
      multi_json (~> 1.0)
      rubyzip (< 1.0.0)
      websocket (~> 1.0.4)
    sinatra (1.4.3)
      rack (~> 1.4)
      rack-protection (~> 1.4)
      tilt (~> 1.3, >= 1.3.4)
    sinatra-contrib (1.4.1)
      backports (>= 2.0)
      multi_json
      rack-protection
      rack-test
      sinatra (~> 1.4.0)
      tilt (~> 1.3)
    tilt (1.4.1)
    unicorn (4.6.3)
      kgio (~> 2.6)
      rack
      raindrops (~> 0.7)
    websocket (1.0.7)
    xpath (0.1.4)
      nokogiri (~> 1.3)

PLATFORMS
  ruby

DEPENDENCIES
  capybara (~> 1.1)
  capybara_minitest_spec (~> 0.2)
  minitest
  minitest-reporters
  mocha (~> 0.14.0)
  multi_json
  rack
  rack-test (~> 0.6.1)
  rake
  sinatra
  sinatra-contrib
  unicorn
